PATH
  remote: .
  specs:
    serialport-server (0.1.0)
      args_parser (~> 0.2)
      em-websocket
      eventmachine
      eventmachine_httpserver
      json
      serialport (>= 1.0.4)

GEM
  remote: https://rubygems.org/
  specs:
    args_parser (0.2.0)
    em-websocket (0.5.0)
      eventmachine (>= 0.12.9)
      http_parser.rb (~> 0.5.3)
    eventmachine (1.0.3)
    eventmachine_httpserver (0.2.1)
    http_parser.rb (0.5.3)
    json (1.8.0)
    rake (10.1.0)
    serialport (1.1.0)

PLATFORMS
  ruby

DEPENDENCIES
  bundler (~> 1.3)
  rake
  serialport-server!
